GIT
  remote: git@github.com:ryanbrainard/heroku.rb.git
  revision: 41244e9b91b43a38c9a21ae6b76ee51a7bd8d6ac
  branch: feature/get-user
  specs:
    heroku-api (0.1.0)
      excon (~> 0.9.4)

GEM
  remote: http://rubygems.org/
  specs:
    excon (0.9.6)
    rack (1.3.6)
    rack-flash (0.1.2)
      rack
    rack-protection (1.2.0)
      rack
    sinatra (1.3.2)
      rack (~> 1.3, >= 1.3.6)
      rack-protection (~> 1.2)
      tilt (~> 1.3, >= 1.3.3)
    tilt (1.3.3)

PLATFORMS
  ruby

DEPENDENCIES
  heroku-api (= 0.1.0)!
  rack (= 1.3.6)
  rack-flash (= 0.1.2)
  sinatra (= 1.3.2)
