GIT
  remote: https://github.com/heroku/heroku.rb.git
  revision: f20612f18ac8549c46d7bad08b690a43d1ad6a29
  tag: v0.1.0
  specs:
    heroku-api (0.1.0)
      excon (~> 0.9.4)

GEM
  remote: http://rubygems.org/
  specs:
    excon (0.9.6)
    rack (1.3.6)
    rack-flash (0.1.2)
      rack
    rack-protection (1.2.0)
      rack
    rack-test (0.6.1)
      rack (>= 1.0)
    sinatra (1.3.2)
      rack (~> 1.3, >= 1.3.6)
      rack-protection (~> 1.2)
      tilt (~> 1.3, >= 1.3.3)
    test-unit (2.4.8)
    tilt (1.3.3)

PLATFORMS
  ruby

DEPENDENCIES
  heroku-api (= 0.1.0)!
  rack (= 1.3.6)
  rack-flash (= 0.1.2)
  rack-test
  sinatra (= 1.3.2)
  test-unit
