GIT
  remote: git@github.com:heroku/heroku.rb.git
  revision: 0995c6cad689ede1812f052cb5ae12ee04b4ba22
  specs:
    heroku-rb (0.0.1)
      excon (~> 0.9.4)

GEM
  remote: http://rubygems.org/
  specs:
    daemons (1.1.6)
    eventmachine (0.12.10)
    excon (0.9.5)
    haml (3.1.4)
    rack (1.4.1)
    sinatra (1.1.0)
      rack (~> 1.1)
      tilt (~> 1.1)
    thin (1.2.7)
      daemons (>= 1.0.9)
      eventmachine (>= 0.12.6)
      rack (>= 1.0.0)
    tilt (1.3.3)

PLATFORMS
  ruby

DEPENDENCIES
  haml
  heroku-rb (= 0.0.1)!
  sinatra (= 1.1.0)
  thin (= 1.2.7)
